GEM
  remote: http://rubygems.org/
  specs:
    coffee-processing (0.0.2)
      coffee-script (~> 2.2.0)
      erubis (~> 2.7.0)
    coffee-script (2.2.0)
      coffee-script-source
      execjs
    coffee-script-source (1.3.1)
    erubis (2.7.0)
    execjs (1.3.0)
      multi_json (~> 1.0)
    libv8 (3.3.10.4)
    multi_json (1.3.2)
    rack (1.4.1)
    rack-protection (1.2.0)
      rack
    sinatra (1.3.2)
      rack (~> 1.3, >= 1.3.6)
      rack-protection (~> 1.2)
      tilt (~> 1.3, >= 1.3.3)
    therubyracer (0.10.1)
      libv8 (~> 3.3.10)
    tilt (1.3.3)

PLATFORMS
  ruby

DEPENDENCIES
  coffee-processing
  execjs
  sinatra
  therubyracer
